GEM
  remote: https://rubygems.org/
  specs:
    activesupport (4.2.11.3)
      i18n (~> 0.7)
      minitest (~> 5.1)
      thread_safe (~> 0.3, >= 0.3.4)
      tzinfo (~> 1.1)
    addressable (2.7.0)
      public_suffix (>= 2.0.2, < 5.0)
    concurrent-ruby (1.1.6)
    daemons (1.3.1)
    em-hiredis (0.2.1)
      hiredis (~> 0.4.0)
    em-http-request (0.3.0)
      addressable (>= 2.0.0)
      escape_utils
      eventmachine (>= 0.12.9)
    em-websocket (0.5.1)
      eventmachine (>= 0.12.9)
      http_parser.rb (~> 0.6.0)
    escape_utils (1.2.1)
    eventmachine (1.0.9.1)
    hiredis (0.4.5)
    http_parser.rb (0.6.0)
    i18n (0.9.5)
      concurrent-ruby (~> 1.0)
    minitest (5.14.1)
    oj (2.12.14)
    public_suffix (4.0.5)
    rack (1.4.7)
    rack-fiber_pool (0.9.3)
    rack-protection (1.5.5)
      rack
    signature (0.1.8)
    sinatra (1.4.6)
      rack (~> 1.4)
      rack-protection (~> 1.4)
      tilt (>= 1.3, < 3)
    slanger (0.6.1)
      activesupport (~> 4.2.1)
      em-hiredis (~> 0.2.0)
      em-http-request (~> 0.3.0)
      em-websocket (~> 0.5.1)
      eventmachine (~> 1.0.0)
      oj (~> 2.12.9)
      rack (~> 1.4.5)
      rack-fiber_pool (~> 0.9.2)
      signature (~> 0.1.6)
      sinatra (~> 1.4.4)
      thin (~> 1.6.0)
    thin (1.6.4)
      daemons (~> 1.0, >= 1.0.9)
      eventmachine (~> 1.0, >= 1.0.4)
      rack (~> 1.0)
    thread_safe (0.3.6)
    tilt (2.0.10)
    tzinfo (1.2.7)
      thread_safe (~> 0.1)

PLATFORMS
  ruby

DEPENDENCIES
  slanger

BUNDLED WITH
   1.16.6
